GIT
  remote: git://github.com/adtekio/utilities.git
  revision: 77893307be1b56852e43f5dc29e749deffdcb5ba
  specs:
    adtekio_utilities (0.0.1)

GIT
  remote: git://github.com/alphasights/iban-tools.git
  revision: 534a06be92c049c95923cd555a920459762e1d2c
  ref: 534a06be92c049c95923cd555a920459762e1d2c
  specs:
    iban-tools (1.0.0)

GIT
  remote: git://github.com/gorenje/bank_account_import.git
  revision: 32dd72b072e6e6944cc8a360a90f8bf8a3480984
  specs:
    bank_account_import (0.0.10)
      iconv

GIT
  remote: git://github.com/gorenje/cmxl.git
  revision: 86653b4423bafe33fc91aa3ff86207f380a2854e
  ref: 86653b4423bafe33fc91aa3ff86207f380a2854e
  specs:
    cmxl (0.2.0)
      rchardet19

GIT
  remote: git://github.com/gorenje/dotenv.git
  revision: a546053e896cdb44b1341c453f8e3ed93aab6db4
  branch: squaure_brackets
  specs:
    dotenv (0.10.0)

GIT
  remote: git://github.com/gorenje/ruby-figo.git
  revision: 4b81b85cece32ed1127a61bb443d2a6e70e5b138
  specs:
    figo (1.2.6)
      flt
      net-http-persistent

GEM
  remote: http://rubygems.org/
  specs:
    actionpack (4.2.6)
      actionview (= 4.2.6)
      activesupport (= 4.2.6)
      rack (~> 1.6)
      rack-test (~> 0.6.2)
      rails-dom-testing (~> 1.0, >= 1.0.5)
      rails-html-sanitizer (~> 1.0, >= 1.0.2)
    actionview (4.2.6)
      activesupport (= 4.2.6)
      builder (~> 3.1)
      erubis (~> 2.7.0)
      rails-dom-testing (~> 1.0, >= 1.0.5)
      rails-html-sanitizer (~> 1.0, >= 1.0.2)
    active_record_migrations (4.2.6.1)
      activerecord (= 4.2.6)
      railties (= 4.2.6)
      rake
    activemodel (4.2.6)
      activesupport (= 4.2.6)
      builder (~> 3.1)
    activerecord (4.2.6)
      activemodel (= 4.2.6)
      activesupport (= 4.2.6)
      arel (~> 6.0)
    activerecord-import (0.18.1)
      activerecord (>= 3.2)
    activerecord-postgis-adapter (3.1.4)
      activerecord (~> 4.2)
      rgeo-activerecord (>= 4.0.4)
    activesupport (4.2.6)
      i18n (~> 0.7)
      json (~> 1.7, >= 1.7.7)
      minitest (~> 5.1)
      thread_safe (~> 0.3, >= 0.3.4)
      tzinfo (~> 1.1)
    addressable (2.5.1)
      public_suffix (~> 2.0, >= 2.0.2)
    arel (6.0.4)
    backports (3.7.0)
    builder (3.2.3)
    coderay (1.1.1)
    domain_name (0.5.20170404)
      unf (>= 0.0.5, < 1.0.0)
    erubis (2.7.0)
    ffi (1.9.18)
    flt (1.5.1)
    foreman (0.84.0)
      thor (~> 0.19.1)
    haml (4.0.7)
      tilt
    html2haml (2.1.0)
      erubis (~> 2.7.0)
      haml (~> 4.0)
      nokogiri (>= 1.6.0)
      ruby_parser (~> 3.5)
    http-cookie (1.0.3)
      domain_name (~> 0.5)
    httparty (0.14.0)
      multi_xml (>= 0.5.2)
    i18n (0.8.1)
    iconv (1.0.4)
    json (1.8.6)
    jwe (0.2.0)
    kgio (2.11.0)
    launchy (2.4.3)
      addressable (~> 2.3)
    listen (3.1.5)
      rb-fsevent (~> 0.9, >= 0.9.4)
      rb-inotify (~> 0.9, >= 0.9.7)
      ruby_dep (~> 1.2)
    loofah (2.0.3)
      nokogiri (>= 1.5.9)
    mailchimp (0.0.9)
      httparty
    mechanize (2.7.5)
      domain_name (~> 0.5, >= 0.5.1)
      http-cookie (~> 1.0)
      mime-types (>= 1.17.2)
      net-http-digest_auth (~> 1.1, >= 1.1.1)
      net-http-persistent (~> 2.5, >= 2.5.2)
      nokogiri (~> 1.6)
      ntlm-http (~> 0.1, >= 0.1.1)
      webrobots (>= 0.0.9, < 0.2)
    method_source (0.8.2)
    mime-types (3.1)
      mime-types-data (~> 3.2015)
    mime-types-data (3.2016.0521)
    mini_portile2 (2.1.0)
    minitest (5.10.1)
    multi_json (1.12.1)
    multi_xml (0.6.0)
    net-http-digest_auth (1.4.1)
    net-http-persistent (2.9.4)
    nokogiri (1.7.1)
      mini_portile2 (~> 2.1.0)
    ntlm-http (0.1.1)
    pdf-core (0.7.0)
    pg (0.20.0)
    prawn (2.2.2)
      pdf-core (~> 0.7.0)
      ttfunk (~> 1.5)
    pry (0.10.4)
      coderay (~> 1.1.0)
      method_source (~> 0.8.1)
      slop (~> 3.4)
    public_suffix (2.0.5)
    rack (1.6.5)
    rack-protection (1.5.3)
      rack
    rack-test (0.6.3)
      rack (>= 1.0)
    rails-deprecated_sanitizer (1.0.3)
      activesupport (>= 4.2.0.alpha)
    rails-dom-testing (1.0.8)
      activesupport (>= 4.2.0.beta, < 5.0)
      nokogiri (~> 1.6)
      rails-deprecated_sanitizer (>= 1.0.1)
    rails-html-sanitizer (1.0.3)
      loofah (~> 2.0)
    railties (4.2.6)
      actionpack (= 4.2.6)
      activesupport (= 4.2.6)
      rake (>= 0.8.7)
      thor (>= 0.18.1, < 2.0)
    raindrops (0.18.0)
    rake (10.5.0)
    rb-fsevent (0.9.8)
    rb-inotify (0.9.8)
      ffi (>= 0.5.0)
    rchardet19 (1.3.7)
    rerun (0.11.0)
      listen (~> 3.0)
    rgeo (0.6.0)
    rgeo-activerecord (4.0.5)
      activerecord (~> 4.2)
      rgeo (~> 0.3)
    ruby_dep (1.5.0)
    ruby_parser (3.9.0)
      sexp_processor (~> 4.1)
    sass (3.4.23)
    sexp_processor (4.9.0)
    sinatra (1.4.8)
      rack (~> 1.5)
      rack-protection (~> 1.4)
      tilt (>= 1.3, < 3)
    sinatra-contrib (1.4.7)
      backports (>= 2.0)
      multi_json
      rack-protection
      rack-test
      sinatra (~> 1.4.0)
      tilt (>= 1.3, < 3)
    sinatra-support (1.2.2)
      sinatra (>= 1.0)
    slop (3.6.0)
    term-ansicolor (1.6.0)
      tins (~> 1.0)
    thor (0.19.4)
    thread_safe (0.3.6)
    tilt (2.0.7)
    tins (1.14.0)
    ttfunk (1.5.1)
    tzinfo (1.2.3)
      thread_safe (~> 0.1)
    unf (0.1.4)
      unf_ext
    unf_ext (0.0.7.4)
    unicorn (5.3.0)
      kgio (~> 2.6)
      raindrops (~> 0.7)
    webrobots (0.1.2)

PLATFORMS
  ruby

DEPENDENCIES
  active_record_migrations
  activerecord
  activerecord-import
  activerecord-postgis-adapter
  adtekio_utilities!
  bank_account_import!
  cmxl!
  dotenv!
  figo!
  foreman
  haml
  html2haml
  iban-tools!
  json
  jwe
  launchy
  mailchimp
  mechanize
  pg
  prawn
  pry
  rake (= 10.5.0)
  rerun
  sass
  sinatra
  sinatra-contrib
  sinatra-support
  term-ansicolor
  unicorn

RUBY VERSION
   ruby 2.2.5p319

BUNDLED WITH
   1.15.0
